GEM
  remote: https://rubygems.org/
  specs:
    cassandra-driver (3.1.0)
      ione (~> 1.2)
    ione (1.2.4)
    rack (1.6.12)
    rack-protection (1.5.3)
      rack
    sinatra (1.4.8)
      rack (~> 1.5)
      rack-protection (~> 1.4)
      tilt (>= 1.3, < 3)
    tilt (2.0.6)

PLATFORMS
  ruby

DEPENDENCIES
  cassandra-driver
  sinatra

BUNDLED WITH
   1.14.3
